NUGET
  remote: https://www.nuget.org/api/v2
  specs:
    TheVoid (0.5.0)

GROUP Build
NUGET
  remote: https://www.nuget.org/api/v2
  specs:
    Chessie (0.4.0)
      FSharp.Core
    docfx.msbuild (1.5.0)
    FAKE (4.20.0)
    FSharp.Core (4.0.0.1)
    Microsoft.Bcl (1.1.10)
      Microsoft.Bcl.Build (>= 1.0.14)
    Microsoft.Bcl.Build (1.0.21) - import_targets: false
    Microsoft.Net.Http (2.2.29)
      Microsoft.Bcl (>= 1.1.10)
      Microsoft.Bcl.Build (>= 1.0.14)
    Newtonsoft.Json (8.0.2)
    Octokit (0.18.0)
      Microsoft.Net.Http
    Paket.Core (2.50.11)
      Chessie
      FSharp.Core
      Newtonsoft.Json
    SourceLink.Fake (1.1.0)
GITHUB
  remote: fsharp/FAKE
  specs:
    modules/Octokit/Octokit.fsx (43c4800c5f132d2c2d6832a3a59232a64d83d4c0)
      Octokit
  remote: fsprojects/Chessie
  specs:
    src/Chessie/ErrorHandling.fs (d957821d60696cd5e8d4c068bbad9406f00680a8)
GROUP Test
NUGET
  remote: https://www.nuget.org/api/v2
  specs:
    FSharp.Core (4.0.0.1)
    FsUnit (1.4.1)
      FSharp.Core (>= 3.1.2.5)
      NUnit (2.6.4)
    NUnit (2.6.4)
    NUnit.Runners (2.6.4)
