NUGET
  remote: https://www.nuget.org/api/v2
  specs:
    FAKE (4.12.0)
    FsCheck (2.2.4)
      FSharp.Core (>= 3.1.2.5)
    FsCheck.Nunit (2.2.4)
      FsCheck (>= 2.2.4)
      NUnit (>= 2.6.4 < 2.7.0)
      NUnit.Runners (>= 2.6.4 < 2.7.0)
    FSharp.Compiler.Service (1.4.2.3)
    FSharp.Core (4.0.0.1)
    FSharp.Formatting (2.12.1)
      FSharp.Compiler.Service (>= 1.4.2 < 1.5.0)
      FSharpVSPowerTools.Core (>= 2.2.0 < 2.3.0)
    FSharpVSPowerTools.Core (2.2.0)
      FSharp.Compiler.Service (>= 1.4.2.0)
    JetBrains.Annotations (10.0.0)
    Microsoft.Bcl (1.1.10)
      Microsoft.Bcl.Build (>= 1.0.14)
    Microsoft.Bcl.Build (1.0.21) - import_targets: false
    Microsoft.Net.Http (2.2.29)
      Microsoft.Bcl (>= 1.1.10)
      Microsoft.Bcl.Build (>= 1.0.14)
    NUnit (2.6.4)
    NUnit.Runners (2.6.4)
    Octokit (0.17.0)
      Microsoft.Net.Http
    SourceLink.Fake (1.1.0)
GITHUB
  remote: fsharp/FAKE
  specs:
    modules/Octokit/Octokit.fsx (7d1a6f8e48d1e2e1e3246ea24a4de05cccc8ce64)
      Octokit